GEM
  remote: https://rubygems.org/
  specs:
    test-unit (2.5.5)

PLATFORMS
  ruby

DEPENDENCIES
  test-unit

BUNDLED WITH
   1.16.2
